GEM
  remote: https://rubygems.org/
  specs:
    backports (3.10.3)
    dotenv (0.7.0)
    foreman (0.64.0)
      dotenv (~> 0.7.0)
      thor (>= 0.13.6)
    multi_json (1.12.2)
    mustermann (1.0.0)
    rack (2.0.3)
    rack-protection (2.0.0)
      rack
    sequel (5.3.0)
    sinatra (2.0.0)
      mustermann (~> 1.0)
      rack (~> 2.0)
      rack-protection (= 2.0.0)
      tilt (~> 2.0)
    sinatra-contrib (2.0.0)
      backports (>= 2.0)
      multi_json
      mustermann (~> 1.0)
      rack-protection (= 2.0.0)
      sinatra (= 2.0.0)
      tilt (>= 1.3, < 3)
    sqlite3 (1.3.13)
    thor (0.20.0)
    tilt (2.0.7)

PLATFORMS
  ruby

DEPENDENCIES
  foreman
  sequel
  sinatra (~> 2.0.0)
  sinatra-contrib
  sqlite3

RUBY VERSION
   ruby 2.4.1p111

BUNDLED WITH
   1.16.1
